PATH
  remote: .
  specs:
    predictor (1.0.0)
      helix_runtime (~> 0.6.0)

GEM
  remote: https://rubygems.org/
  specs:
    helix_runtime (0.6.0)
      rake (>= 10.0)
      thor (~> 0.19.4)
    rake (12.0.0)
    thor (0.19.4)

PLATFORMS
  ruby

DEPENDENCIES
  predictor!

BUNDLED WITH
   1.12.5
